GEM
  remote: https://rubygems.org/
  specs:
    celluloid (0.15.2)
      timers (~> 1.1.0)
    celluloid-io (0.15.0)
      celluloid (>= 0.15.0)
      nio4r (>= 0.5.0)
    highline (1.6.21)
    msgpack (0.5.8)
    nio4r (1.0.0)
    rainbow (2.0.0)
    thor (0.19.1)
    timers (1.1.0)

PLATFORMS
  ruby

DEPENDENCIES
  celluloid
  celluloid-io
  highline
  msgpack
  rainbow
  thor
