GEM
  remote: https://rubygems.org/
  specs:
    celluloid (0.16.0)
      timers (~> 4.0.0)
    celluloid-io (0.16.1)
      celluloid (>= 0.16.0)
      nio4r (>= 1.0.0)
    highline (1.6.21)
    hitimes (1.2.2)
    msgpack (0.5.9)
    nio4r (1.0.1)
    rainbow (2.0.0)
    thor (0.19.1)
    timers (4.0.1)
      hitimes

PLATFORMS
  ruby

DEPENDENCIES
  celluloid
  celluloid-io
  highline
  msgpack
  rainbow
  thor
